PATH
  remote: .
  specs:
    arugula (0.1.1)

GEM
  remote: https://rubygems.org/
  specs:
    ast (2.2.0)
    diff-lcs (1.2.5)
    parser (2.3.0.2)
      ast (~> 2.2)
    powerpack (0.1.1)
    rainbow (2.1.0)
    rake (10.5.0)
    rspec (3.4.0)
      rspec-core (~> 3.4.0)
      rspec-expectations (~> 3.4.0)
      rspec-mocks (~> 3.4.0)
    rspec-core (3.4.2)
      rspec-support (~> 3.4.0)
    rspec-expectations (3.4.0)
      diff-lcs (>= 1.2.0, < 2.0)
      rspec-support (~> 3.4.0)
    rspec-mocks (3.4.1)
      diff-lcs (>= 1.2.0, < 2.0)
      rspec-support (~> 3.4.0)
    rspec-support (3.4.1)
    rubocop (0.36.0)
      parser (>= 2.3.0.0, < 3.0)
      powerpack (~> 0.1)
      rainbow (>= 1.99.1, < 3.0)
      ruby-progressbar (~> 1.7)
    ruby-progressbar (1.7.5)

PLATFORMS
  ruby

DEPENDENCIES
  arugula!
  bundler (~> 1.11)
  rake (~> 10.5)
  rspec (~> 3.4)
  rubocop

BUNDLED WITH
   1.11.2
